GEM
  remote: https://rubygems.org/
  specs:
    activesupport (7.1.3.2)
      concurrent-ruby (~> 1.0, >= 1.0.2)
      i18n (>= 1.6, < 2)
      minitest (>= 5.1)
      tzinfo (~> 2.0)
    bundler (2.4.22)
    concurrent-ruby (1.2.2)
    i18n (1.14.1)
      concurrent-ruby (~> 1.0)
    jekyll (4.3.2)
      addressable (~> 2.4)
      colorator (~> 1.0)
      em-websocket (~> 0.5)
      i18n (~> 1.0)
      jekyll-sass-converter (~> 3.0)
      jekyll-watch (~> 2.0)
      kramdown (~> 2.3)
      kramdown-parser-gfm (~> 1.0)
      liquid (~> 4.0)
      mercenary (~> 0.4)
      pathutil (~> 0.9)
      rouge (~> 4.0)
      safe_yaml (~> 1.0)
      webrick (~> 1.7)
    jekyll-nagymaros (3.3.1)
      jekyll (>= 4.0)
    jekyll-target-blank (2.0.0)
    tzinfo (2.0.6)
      thread_safe (~> 0.1)
    webrick (1.7.0)

PLATFORMS
  ruby

DEPENDENCIES
  activesupport (< 8.0)
  bundler (~> 2.4)
  jekyll (~> 4.3.2)
  jekyll-nagymaros (~> 3.3, >= 3.3.1)
  jekyll-target-blank
  webrick

BUNDLED WITH
   2.4.22